GEM
  remote: http://rubygems.org/
  specs:
    daemons (1.1.8)
    slyphon-zookeeper (0.2.10)
    zk (0.8.6)
      slyphon-zookeeper (~> 0.2.8)

PLATFORMS
  ruby

DEPENDENCIES
  daemons
  zk
